GEM
  remote: https://rubygems.org/
  specs:
    coderay (1.1.2)
    method_source (0.8.2)
    pry (0.11.0)
      coderay (~> 1.1.0)
      method_source (~> 0.8.1)
    sqlite3 (1.3.13)

PLATFORMS
  ruby

DEPENDENCIES
  pry
  sqlite3

BUNDLED WITH
   1.15.4
