GEM
  remote: https://rubygems.org/
  specs:
    coderay (1.1.3)
    method_source (1.0.0)
    pry (0.14.0)
      coderay (~> 1.1)
      method_source (~> 1.0)
    sqlite3 (1.3.13)

PLATFORMS
  x86_64-darwin-20

DEPENDENCIES
  pry
  sqlite3 (~> 1.3.6)

BUNDLED WITH
   2.2.14
