GEM
  remote: https://rubygems.org/
  specs:
    coderay (1.1.0)
    i18n (0.7.0)
    method_source (0.8.2)
    pry (0.10.3)
      coderay (~> 1.1.0)
      method_source (~> 0.8.1)
      slop (~> 3.4)
    slop (3.6.0)
    sqlite3 (1.3.11)

PLATFORMS
  ruby

DEPENDENCIES
  i18n
  pry
  sqlite3

BUNDLED WITH
   1.11.2
